GEM
  remote: https://rubygems.org/
  specs:
    colorize (0.8.1)
    power_assert (2.0.3)
    test-unit (3.5.9)
      power_assert

PLATFORMS
  ruby

DEPENDENCIES
  colorize (= 0.8.1)
  test-unit (= 3.5.9)

BUNDLED WITH
   2.3.7
