GEM
  remote: https://rubygems.org/
  specs:
    colorize (0.8.1)
    mini_portile2 (2.8.2)
    random-word-generator (0.0.1)
      sqlite3-ruby (>= 1.2.1)
    sqlite3 (1.6.3)
      mini_portile2 (~> 2.8.0)
    sqlite3-ruby (1.3.3)
      sqlite3 (>= 1.3.3)
    wordlist (1.0.0)
    yaml (0.2.1)

PLATFORMS
  ruby

DEPENDENCIES
  colorize (= 0.8.1)
  random-word-generator (~> 0.0.1)
  wordlist (= 1.0.0)
  yaml (= 0.2.1)

BUNDLED WITH
   2.3.7
